GEM
  remote: https://rubygems.org/
  specs:
    activesupport (6.1.1)
      concurrent-ruby (~> 1.0, >= 1.0.2)
      i18n (>= 1.6, < 2)
      minitest (>= 5.1)
      tzinfo (~> 2.0)
      zeitwerk (~> 2.3)
    business_seconds (0.0.1)
      activesupport (>= 2.0.0)
      business_time (>= 0.3.0)
    business_time (0.9.3)
      activesupport (>= 3.2.0)
      tzinfo
    concurrent-ruby (1.1.8)
    dotenv (2.7.6)
    i18n (1.8.7)
      concurrent-ruby (~> 1.0)
    minitest (5.14.3)
    multi_json (1.15.0)
    time (0.1.0)
    tzinfo (2.0.4)
      concurrent-ruby (~> 1.0)
    yaml (0.1.1)
    zeitwerk (2.4.2)

PLATFORMS
  ruby

DEPENDENCIES
  activesupport
  business_seconds
  business_time
  dotenv
  multi_json
  time
  yaml

BUNDLED WITH
   2.1.4
